PATH
  remote: .
  specs:
    erratum_responsum (0.2.0)
      activesupport (>= 4.0.0)

GEM
  remote: https://rubygems.org/
  specs:
    activesupport (7.1.3.2)
      base64
      bigdecimal
      concurrent-ruby (~> 1.0, >= 1.0.2)
      connection_pool (>= 2.2.5)
      drb
      i18n (>= 1.6, < 2)
      minitest (>= 5.1)
      mutex_m
      tzinfo (~> 2.0)
    base64 (0.2.0)
    bigdecimal (3.1.6)
    concurrent-ruby (1.2.3)
    connection_pool (2.4.1)
    drb (2.2.0)
      ruby2_keywords
    i18n (1.14.1)
      concurrent-ruby (~> 1.0)
    minitest (5.22.2)
    mutex_m (0.2.0)
    rake (13.0.6)
    ruby2_keywords (0.0.5)
    tzinfo (2.0.6)
      concurrent-ruby (~> 1.0)

PLATFORMS
  ruby
  x64-mingw32

DEPENDENCIES
  bundler (~> 2.0)
  erratum_responsum!
  minitest (~> 5.0)
  rake (~> 13.0)

BUNDLED WITH
   2.0.1
