PATH
  remote: .
  specs:
    erratum_responsum (0.2.0)
      activesupport (>= 4.0.0)

GEM
  remote: https://rubygems.org/
  specs:
    activesupport (7.0.2)
      concurrent-ruby (~> 1.0, >= 1.0.2)
      i18n (>= 1.6, < 2)
      minitest (>= 5.1)
      tzinfo (~> 2.0)
    concurrent-ruby (1.1.9)
    i18n (1.9.1)
      concurrent-ruby (~> 1.0)
    minitest (5.15.0)
    rake (13.0.6)
    tzinfo (2.0.4)
      concurrent-ruby (~> 1.0)

PLATFORMS
  ruby
  x64-mingw32

DEPENDENCIES
  bundler (~> 2.0)
  erratum_responsum!
  minitest (~> 5.0)
  rake (~> 13.0)

BUNDLED WITH
   2.0.1
